GEM
  remote: https://rubygems.org/

PLATFORMS
  x64-mingw32

BUNDLED WITH
   2.0.2
